GEM
  remote: http://rubygems.org/
  specs:
    RedCloth (4.2.3)
    actionmailer (2.3.9)
      actionpack (= 2.3.9)
    actionpack (2.3.9)
      activesupport (= 2.3.9)
      rack (~> 1.1.0)
    activerecord (2.3.9)
      activesupport (= 2.3.9)
    activeresource (2.3.9)
      activesupport (= 2.3.9)
    activesupport (2.3.9)
    annotate-models (1.0.4)
    babosa (0.2.0)
    cancan (1.3.4)
    comma (0.3.2)
      activesupport (>= 2.2.2)
    devise (1.0.7)
      warden (~> 0.10.3)
    fastercsv (1.5.3)
    formtastic (1.1.0)
      actionpack (>= 2.3.0)
      activesupport (>= 2.3.0)
      i18n (>= 0.4.0)
    friendly_id (3.1.6)
      babosa (~> 0.2.0)
    haml (3.0.18)
    hirb (0.3.4)
    i18n (0.4.1)
    pg (0.9.0)
    rack (1.1.0)
    rails (2.3.9)
      actionmailer (= 2.3.9)
      actionpack (= 2.3.9)
      activerecord (= 2.3.9)
      activeresource (= 2.3.9)
      activesupport (= 2.3.9)
      rake (>= 0.8.3)
    rake (0.8.7)
    recaptcha (0.2.3)
    searchlogic (2.4.26)
      activerecord (>= 2.0.0)
    sqlite3-ruby (1.3.1)
    state_machine (0.9.4)
    warden (0.10.7)
      rack (>= 1.0.0)
    will_paginate (2.3.15)
    wirble (0.1.3)

PLATFORMS
  ruby

DEPENDENCIES
  RedCloth
  activesupport
  annotate-models (= 1.0.4)
  cancan
  comma
  devise (= 1.0.7)
  fastercsv
  formtastic
  friendly_id (= 3.1.6)
  haml (= 3.0.18)
  hirb
  pg
  rails (= 2.3.9)
  recaptcha
  searchlogic
  sqlite3-ruby
  state_machine
  will_paginate
  wirble
